GEM
  remote: http://rubygems.org/
  specs:
    activesupport (2.3.5)
    macaddr (1.0.0)
    nokogiri (1.4.4)
    rake (0.8.7)
    rspec (1.3.0)
    uuid (2.3.1)
      macaddr (~> 1.0)

PLATFORMS
  ruby

DEPENDENCIES
  activesupport (= 2.3.5)
  nokogiri
  rake
  rspec (= 1.3.0)
  uuid
